GIT
  remote: git@github.com:tisba/gst-kitchen.git
  revision: 77c75e63c4944fe97bd5dfa5ee784291f185a5be
  specs:
    gst-kitchen (0.2.0)
      rake
      trollop
      yajl-ruby

GEM
  remote: https://rubygems.org/
  specs:
    bootstrap-sass (2.2.1.1)
      sass (~> 3.2)
    chunky_png (1.2.6)
    compass (0.12.2)
      chunky_png (~> 1.2)
      fssm (>= 0.2.7)
      sass (~> 3.1)
    fssm (0.2.9)
    puma (1.6.3)
      rack (~> 1.2)
    rack (1.4.1)
    rack-protection (1.2.0)
      rack
    rake (10.0.2)
    sass (3.2.3)
    shotgun (0.9)
      rack (>= 1.0)
    sinatra (1.3.3)
      rack (~> 1.3, >= 1.3.6)
      rack-protection (~> 1.2)
      tilt (~> 1.3, >= 1.3.3)
    tilt (1.3.3)
    trollop (2.0)
    yajl-ruby (1.1.0)

PLATFORMS
  ruby

DEPENDENCIES
  bootstrap-sass (~> 2.2.1.1)
  compass
  gst-kitchen!
  puma
  rake
  shotgun
  sinatra
