GIT
  remote: git@github.com:tisba/gst-kitchen.git
  revision: 77c75e63c4944fe97bd5dfa5ee784291f185a5be
  specs:
    gst-kitchen (0.2.0)
      rake
      trollop
      yajl-ruby

GEM
  remote: https://rubygems.org/
  specs:
    puma (1.6.3)
      rack (~> 1.2)
    rack (1.4.1)
    rack-protection (1.2.0)
      rack
    rake (10.0.2)
    shotgun (0.9)
      rack (>= 1.0)
    sinatra (1.3.3)
      rack (~> 1.3, >= 1.3.6)
      rack-protection (~> 1.2)
      tilt (~> 1.3, >= 1.3.3)
    tilt (1.3.3)
    trollop (2.0)
    yajl-ruby (1.1.0)

PLATFORMS
  ruby

DEPENDENCIES
  gst-kitchen!
  puma
  rake
  shotgun
  sinatra
